GEM
  remote: https://rubygems.org/
  specs:
    addressable (2.3.7)
    celluloid (0.16.0)
      timers (~> 4.0.0)
    chronic_duration (0.10.6)
      numerizer (~> 0.1.1)
    connection_pool (2.1.1)
    crack (0.4.2)
      safe_yaml (~> 1.0.0)
    dotenv (1.0.2)
    hashie (3.3.2)
    hitimes (1.2.2)
    json (1.8.2)
    mail (2.6.3)
      mime-types (>= 1.16, < 3)
    mime-types (2.4.3)
    netrc (0.10.2)
    numerizer (0.1.1)
    pg (0.18.1)
    pony (1.11)
      mail (>= 2.0)
    rack (1.6.0)
    rack-protection (1.5.3)
      rack
    rack-test (0.6.3)
      rack (>= 1.0)
    rake (10.4.2)
    redis (3.2.1)
    redis-namespace (1.5.1)
      redis (~> 3.0, >= 3.0.4)
    require_all (1.3.2)
    rest-client (1.7.2)
      mime-types (>= 1.16, < 3.0)
      netrc (~> 0.7)
    safe_yaml (1.0.4)
    sidekiq (3.3.2)
      celluloid (>= 0.16.0)
      connection_pool (>= 2.1.1)
      json
      redis (>= 3.0.6)
      redis-namespace (>= 1.3.1)
    sinatra (1.4.5)
      rack (~> 1.4)
      rack-protection (~> 1.4)
      tilt (~> 1.3, >= 1.3.4)
    tilt (1.4.1)
    timers (4.0.1)
      hitimes
    vcr (2.9.3)
    webmock (1.20.4)
      addressable (>= 2.3.6)
      crack (>= 0.3.2)

PLATFORMS
  ruby

DEPENDENCIES
  chronic_duration (~> 0.10.6)
  dotenv (~> 1.0.2)
  hashie (~> 3.3.1)
  pg (~> 0.18.1)
  pony (~> 1.11)
  rack-test
  rake (~> 10.4.2)
  require_all (~> 1.3.2)
  rest-client (~> 1.7.2)
  sidekiq (~> 3.3.2)
  sinatra (~> 1.4.5)
  vcr
  webmock
